GEM
  remote: http://rubygems.org/
  specs:
    diff-lcs (1.1.3)
    faraday (0.8.4)
      multipart-post (~> 1.1)
    faraday_middleware (0.9.0)
      faraday (>= 0.7.4, < 0.9)
    json (1.7.5)
    multipart-post (1.1.5)
    mustache (0.99.4)
    rack (1.4.1)
    rack-protection (1.2.0)
      rack
    rack-test (0.6.2)
      rack (>= 1.0)
    rake (10.0.2)
    rspec (2.12.0)
      rspec-core (~> 2.12.0)
      rspec-expectations (~> 2.12.0)
      rspec-mocks (~> 2.12.0)
    rspec-core (2.12.1)
    rspec-expectations (2.12.0)
      diff-lcs (~> 1.1.3)
    rspec-mocks (2.12.0)
    sass (3.2.3)
    sinatra (1.3.3)
      rack (~> 1.3, >= 1.3.6)
      rack-protection (~> 1.2)
      tilt (~> 1.3, >= 1.3.3)
    tilt (1.3.3)

PLATFORMS
  ruby

DEPENDENCIES
  faraday (~> 0.8.4)
  faraday_middleware (~> 0.9.0)
  json (~> 1.7)
  mustache (~> 0.99)
  rack-test (~> 0.6)
  rake (~> 10.0)
  rspec (~> 2.12)
  sass (~> 3.2)
  sinatra (~> 1.3)
